GEM
  remote: https://rubygems.org/
  specs:
    middleman-gh-pages (0.0.2)
      rake (> 0.9.3)
    rake (10.1.0)

PLATFORMS
  ruby

DEPENDENCIES
  middleman-gh-pages
